GEM
  remote: http://rubygems.org/
  specs:
    activesupport (4.2.9)
      i18n (~> 0.7)
      minitest (~> 5.1)
      thread_safe (~> 0.3, >= 0.3.4)
      tzinfo (~> 1.1)
    axiom-types (0.1.1)
      descendants_tracker (~> 0.0.4)
      ice_nine (~> 0.11.0)
      thread_safe (~> 0.3, >= 0.3.1)
    builder (3.2.3)
    coercible (1.0.0)
      descendants_tracker (~> 0.0.1)
    descendants_tracker (0.0.4)
      thread_safe (~> 0.3, >= 0.3.1)
    enumerable-lazy (0.0.2)
    equalizer (0.0.11)
    grape (0.17.0)
      activesupport
      builder
      hashie (>= 2.1.0)
      multi_json (>= 1.3.2)
      multi_xml (>= 0.5.2)
      mustermann19 (~> 0.4.3)
      rack (>= 1.3.0)
      rack-accept
      virtus (>= 1.0.0)
    hashie (3.5.6)
    i18n (0.8.6)
    ice_nine (0.11.2)
    json (1.8.6)
    minitest (5.10.3)
    multi_json (1.12.1)
    multi_xml (0.6.0)
    mustermann19 (0.4.4)
      enumerable-lazy
    rack (1.6.8)
    rack-accept (0.4.5)
      rack (>= 0.4)
    rubytree (0.9.7)
      json (~> 1.8)
      structured_warnings (~> 0.2)
    structured_warnings (0.3.0)
    thread_safe (0.3.6)
    tzinfo (1.2.3)
      thread_safe (~> 0.1)
    virtus (1.0.5)
      axiom-types (~> 0.1)
      coercible (~> 1.0)
      descendants_tracker (~> 0.0, >= 0.0.3)
      equalizer (~> 0.0, >= 0.0.9)

PLATFORMS
  ruby

DEPENDENCIES
  grape
  rubytree

BUNDLED WITH
   1.15.3
